GEM
  remote: http://rubygems.org/
  specs:
    RedCloth (4.2.9)
    actionmailer (2.3.18)
      actionpack (= 2.3.18)
    actionpack (2.3.18)
      activesupport (= 2.3.18)
      rack (~> 1.1.0)
    activerecord (2.3.18)
      activesupport (= 2.3.18)
    activeresource (2.3.18)
      activesupport (= 2.3.18)
    activesupport (2.3.18)
    acts_as_list (0.1.4)
    acts_as_tree (0.1.1)
    bluecloth (2.1.0)
    chunky_png (1.2.7)
    cocaine (0.3.2)
    coffee-script (2.2.0)
      coffee-script-source
      execjs
    coffee-script-source (1.4.0)
    compass (0.12.2)
      chunky_png (~> 1.2)
      fssm (>= 0.2.7)
      sass (~> 3.1)
    compass-rails (1.0.3)
      compass (>= 0.12.2, < 0.14)
    delocalize (0.2.6)
    execjs (1.4.0)
      multi_json (~> 1.0)
    fssm (0.2.10)
    haml (3.1.7)
    highline (1.6.15)
    json (1.7.7)
    mime-types (1.21)
    multi_json (1.6.0)
    mysql (2.8.1)
    paperclip (2.7.5)
      activerecord (>= 2.3.0)
      activesupport (>= 2.3.2)
      cocaine (~> 0.3.0)
      mime-types
    rack (1.1.6)
    rack-cache (1.2)
      rack (>= 0.4)
    radiant (1.1.3)
      RedCloth (~> 4.2.0)
      acts_as_tree (~> 0.1.1)
      bundler (>= 1.0.0)
      compass (~> 0.12.2)
      compass-rails (~> 1.0.3)
      delocalize (~> 0.2.3)
      haml (~> 3.1.1)
      highline (~> 1.6.10)
      rack (~> 1.1.6)
      rack-cache (~> 1.2)
      radius (~> 0.7.3)
      rails (~> 2.3.17)
      rake (>= 0.8.7)
      rdoc (>= 3.9.2)
      stringex (~> 1.3.0)
      tzinfo (~> 0.3.31)
      will_paginate (~> 2.3.11)
    radiant-archive-extension (1.0.7)
    radiant-clipped-extension (1.1.1)
      acts_as_list (= 0.1.4)
      cocaine (~> 0.3.2)
      paperclip (~> 2.7.0)
      uuidtools (~> 2.1.2)
    radiant-debug-extension (1.0.2)
    radiant-exporter-extension (1.1.0)
    radiant-markdown_filter-extension (1.0.2)
      bluecloth (~> 2.1.0)
    radiant-sheets-extension (1.1.0)
      coffee-script (~> 2.2.0)
      sass (~> 3.2.1)
    radiant-site_templates-extension (1.0.6)
    radiant-smarty_pants_filter-extension (1.0.2)
      rubypants (~> 0.2.0)
    radiant-snippets-extension (1.1.0)
    radiant-textile_filter-extension (1.0.4)
      RedCloth (~> 4.2.0)
    radiant-vapor-extension (2.1.4)
    radius (0.7.3)
    rails (2.3.18)
      actionmailer (= 2.3.18)
      actionpack (= 2.3.18)
      activerecord (= 2.3.18)
      activeresource (= 2.3.18)
      activesupport (= 2.3.18)
      rake (>= 0.8.3)
    rake (10.0.3)
    rdoc (3.12.1)
      json (~> 1.4)
    rubypants (0.2.0)
    sass (3.2.5)
    stringex (1.3.3)
    tzinfo (0.3.35)
    uuidtools (2.1.3)
    will_paginate (2.3.16)

PLATFORMS
  ruby

DEPENDENCIES
  compass-rails (~> 1.0.3)
  mysql (~> 2.8.1)
  radiant (~> 1.1.3)
  radiant-archive-extension (~> 1.0.7)
  radiant-clipped-extension (~> 1.1.0)
  radiant-debug-extension (~> 1.0.2)
  radiant-exporter-extension (~> 1.1.0)
  radiant-markdown_filter-extension (~> 1.0.2)
  radiant-sheets-extension (~> 1.1.0.alpha)
  radiant-site_templates-extension (~> 1.0.4)
  radiant-smarty_pants_filter-extension (~> 1.0.2)
  radiant-snippets-extension (~> 1.1.0.alpha)
  radiant-textile_filter-extension (~> 1.0.4)
  radiant-vapor-extension (~> 2.1.4)
